GEM
  remote: https://rubygems.org/
  specs:
    kiba (2.5.0)
    mysql2 (0.5.2)
    pg (1.1.4)

PLATFORMS
  ruby

DEPENDENCIES
  kiba
  mysql2
  pg

BUNDLED WITH
   1.17.2
